PATH
  remote: .
  specs:
    page_meta_for (0.1.0)
      actionpack
      activesupport

GEM
  remote: https://rubygems.org/
  specs:
    actionpack (1.4.0)
    activesupport (3.1.12)
      multi_json (~> 1.0)
    ast (2.4.2)
    docile (1.3.5)
    json (2.6.3)
    minitest (5.15.0)
    multi_json (1.15.0)
    parser (2.7.2.0)
      ast (~> 2.4.1)
    powerpack (0.1.3)
    rack (2.2.6.2)
    rainbow (2.2.2)
      rake
    rake (13.0.6)
    rubocop (0.48.1)
      parser (>= 2.3.3.1, < 3.0)
      powerpack (~> 0.1)
      rainbow (>= 1.99.1, < 3.0)
      ruby-progressbar (~> 1.7)
      unicode-display_width (~> 1.0, >= 1.0.1)
    ruby-progressbar (1.11.0)
    simplecov (0.17.1)
      docile (~> 1.1)
      json (>= 1.8, < 3)
      simplecov-html (~> 0.10.0)
    simplecov-html (0.10.2)
    unicode-display_width (1.8.0)

PLATFORMS
  x86_64-darwin-20
  x86_64-linux

DEPENDENCIES
  bundler
  minitest
  page_meta_for!
  rake
  rubocop
  simplecov

BUNDLED WITH
   2.2.4
